{
  "AcquisitionMatrixPE": 104,
  "AcquisitionNumber": 1,
  "AcquisitionTime": "11:41:48.910000",
  "BandwidthPerPixelPhaseEncode": 17.806,
  "BaseResolution": 104,
  "BodyPartExamined": "BRAIN",
  "ConsistencyInfo": "N4_VE11C_LATEST_20160120",
  "ConversionSoftware": "dcm2niix",
  "ConversionSoftwareVersion": "v1.0.20190410  GCC6.3.0",
  "DerivedVendorReportedEchoSpacing": 0.000540008,
  "DeviceSerialNumber": "166193",
  "DwellTime": 2.2e-06,
  "EchoTime": 0.03,
  "EchoTrainLength": 91,
  "EffectiveEchoSpacing": 0.000540008,
  "FlipAngle": 90,
  "ImageOrientationPatientDICOM": [0.997436, 0.0566453, -0.0437348, -0.0575119, 0.998168, -0.0188154],
  "ImageType": [
    "ORIGINAL",
    "PRIMARY",
    "M",
    "ND",
    "MOSAIC"
],
  "ImagingFrequency": 123.226,
  "InPlanePhaseEncodingDirectionDICOM": "COL",
  "InstitutionAddress": "Vassar_Street_43_Cambridge_Middlesex_US_02139",
  "InstitutionName": "MIT",
  "InstitutionalDepartmentName": "Department",
  "MRAcquisitionType": "2D",
  "MagneticFieldStrength": 3,
  "Manufacturer": "Siemens",
  "ManufacturersModelName": "Prisma",
  "Modality": "MR",
  "MultibandAccelerationFactor": 2,
  "PartialFourier": 0.875,
  "PatientPosition": "HFS",
  "PercentPhaseFOV": 100,
  "PhaseEncodingDirection": "j-",
  "PhaseEncodingSteps": 91,
  "PhaseResolution": 1,
  "PixelBandwidth": 2185,
  "ProcedureStepDescription": "Kanwisher_Sam_H",
  "ProtocolName": "spwm_PRISMA-SMS2_TE30_2.0mm_iso_Performance",
  "PulseSequenceDetails": "%SiemensSeq%_ep2d_bold",
  "ReceiveCoilActiveElements": "HEA;HEP",
  "ReceiveCoilName": "Head_32",
  "ReconMatrixPE": 104,
  "RefLinesPE": 12,
  "RepetitionTime": 2,
  "SAR": 0.0520217,
  "ScanOptions": "PFP_FS",
  "ScanningSequence": "EP",
  "SequenceName": "_epfid2d1_104",
  "SequenceVariant": "SK",
  "SeriesDescription": "spwm_PRISMA-SMS2_TE30_2.0mm_iso_Performance",
  "SeriesNumber": 16,
  "ShimSetting": [3536, 2612, 4120, 464, 37, 92, 113, 51],
  "SliceThickness": 2,
  "SliceTiming": [0, 0.0775, 0.1525, 0.23, 0.305, 0.3825, 0.4575, 0.535, 0.61, 0.6875, 0.7625, 0.84, 0.915, 0.99, 1.0675, 1.1425, 1.22, 1.295, 1.3725, 1.4475, 1.525, 1.6, 1.6775, 1.7525, 1.8275, 1.905, 0, 0.0775, 0.1525, 0.23, 0.305, 0.3825, 0.4575, 0.535, 0.61, 0.6875, 0.7625, 0.84, 0.915, 0.99, 1.0675, 1.1425, 1.22, 1.295, 1.3725, 1.4475, 1.525, 1.6, 1.6775, 1.7525, 1.8275, 1.905],
  "SoftwareVersions": "syngo_MR_E11",
  "SpacingBetweenSlices": 2.2,
  "StationName": "AWP166193",
  "TaskName": "spwm",
  "TotalReadoutTime": 0.0556208,
  "TxRefAmp": 210.614}