{
  "AcquisitionMatrixPE": 104,
  "AcquisitionNumber": 1,
  "AcquisitionTime": "18:01:21.935000",
  "BandwidthPerPixelPhaseEncode": 17.806,
  "BaseResolution": 104,
  "BodyPartExamined": "BRAIN",
  "ConsistencyInfo": "N4_VE11C_LATEST_20160120",
  "ConversionSoftware": "dcm2niix",
  "ConversionSoftwareVersion": "v1.0.20190410  GCC6.3.0",
  "DerivedVendorReportedEchoSpacing": 0.000540008,
  "DeviceSerialNumber": "167012",
  "DwellTime": 2.2e-06,
  "EchoTime": 0.03,
  "EchoTrainLength": 91,
  "EffectiveEchoSpacing": 0.000540008,
  "FlipAngle": 90,
  "ImageOrientationPatientDICOM": [0.997537, 0.0536523, -0.0451917, -0.0507076, 0.996663, 0.0639633],
  "ImageType": [
    "ORIGINAL",
    "PRIMARY",
    "M",
    "ND",
    "MOSAIC"
],
  "ImagingFrequency": 123.168,
  "InPlanePhaseEncodingDirectionDICOM": "COL",
  "InstitutionAddress": "Vassar_Street_43_Cambridge_Middlesex_US_02139",
  "InstitutionName": "MIT",
  "InstitutionalDepartmentName": "Department",
  "MRAcquisitionType": "2D",
  "MagneticFieldStrength": 3,
  "Manufacturer": "Siemens",
  "ManufacturersModelName": "Prisma_fit",
  "Modality": "MR",
  "MultibandAccelerationFactor": 2,
  "PartialFourier": 0.875,
  "PatientPosition": "HFS",
  "PercentPhaseFOV": 100,
  "PhaseEncodingDirection": "j-",
  "PhaseEncodingSteps": 91,
  "PhaseResolution": 1,
  "PixelBandwidth": 2185,
  "ProcedureStepDescription": "Kanwisher_Sam_H",
  "ProtocolName": "fos_PRISMA-SMS2_TE30_2.0mm_iso_Performance",
  "PulseSequenceDetails": "%SiemensSeq%_ep2d_bold",
  "ReceiveCoilActiveElements": "HEA;HEP",
  "ReceiveCoilName": "Head_32",
  "ReconMatrixPE": 104,
  "RefLinesPE": 12,
  "RepetitionTime": 2,
  "SAR": 0.0830147,
  "ScanOptions": "PFP_FS",
  "ScanningSequence": "EP",
  "SequenceName": "_epfid2d1_104",
  "SequenceVariant": "SK",
  "SeriesDescription": "fos_PRISMA-SMS2_TE30_2.0mm_iso_Performance",
  "SeriesNumber": 12,
  "ShimSetting": [3035, -11859, -9987, 590, 39, 47, -103, 28],
  "SliceThickness": 2,
  "SliceTiming": [0, 0.075, 0.1525, 0.2275, 0.305, 0.38, 0.455, 0.5325, 0.6075, 0.685, 0.76, 0.8375, 0.9125, 0.99, 1.065, 1.1425, 1.2175, 1.2925, 1.37, 1.445, 1.5225, 1.5975, 1.675, 1.75, 1.8275, 1.9025, 0, 0.075, 0.1525, 0.2275, 0.305, 0.38, 0.455, 0.5325, 0.6075, 0.685, 0.76, 0.8375, 0.9125, 0.99, 1.065, 1.1425, 1.2175, 1.2925, 1.37, 1.445, 1.5225, 1.5975, 1.675, 1.75, 1.8275, 1.9025],
  "SoftwareVersions": "syngo_MR_E11",
  "SpacingBetweenSlices": 2.2,
  "StationName": "MRC35115",
  "TaskName": "foss",
  "TotalReadoutTime": 0.0556208,
  "TxRefAmp": 280.029}