{
  "AcquisitionMatrixPE": 104,
  "AcquisitionNumber": 1,
  "AcquisitionTime": "13:55:52.915000",
  "BandwidthPerPixelPhaseEncode": 17.806,
  "BaseResolution": 104,
  "BodyPartExamined": "BRAIN",
  "ConsistencyInfo": "N4_VE11C_LATEST_20160120",
  "ConversionSoftware": "dcm2niix",
  "ConversionSoftwareVersion": "v1.0.20190410  GCC6.3.0",
  "DerivedVendorReportedEchoSpacing": 0.000540008,
  "DeviceSerialNumber": "166193",
  "DwellTime": 2.2e-06,
  "EchoTime": 0.03,
  "EchoTrainLength": 91,
  "EffectiveEchoSpacing": 0.000540008,
  "FlipAngle": 90,
  "ImageOrientationPatientDICOM": [0.999716, -0.0224925, 0.00792096, 0.022163, 0.998974, 0.0394819],
  "ImageType": [
    "ORIGINAL",
    "PRIMARY",
    "M",
    "ND",
    "MOSAIC"
],
  "ImagingFrequency": 123.226,
  "InPlanePhaseEncodingDirectionDICOM": "COL",
  "InstitutionAddress": "Vassar_Street_43_Cambridge_Middlesex_US_02139",
  "InstitutionName": "MIT",
  "InstitutionalDepartmentName": "Department",
  "MRAcquisitionType": "2D",
  "MagneticFieldStrength": 3,
  "Manufacturer": "Siemens",
  "ManufacturersModelName": "Prisma",
  "Modality": "MR",
  "MultibandAccelerationFactor": 2,
  "PartialFourier": 0.875,
  "PatientPosition": "HFS",
  "PercentPhaseFOV": 100,
  "PhaseEncodingDirection": "j-",
  "PhaseEncodingSteps": 91,
  "PhaseResolution": 1,
  "PixelBandwidth": 2185,
  "ProcedureStepDescription": "Kanwisher_Sam",
  "ProtocolName": "eppp_PRISMA-SMS2_TE30_2.0mm_iso_Performance",
  "PulseSequenceDetails": "%SiemensSeq%_ep2d_bold",
  "ReceiveCoilActiveElements": "HEA;HEP",
  "ReceiveCoilName": "Head_32",
  "ReconMatrixPE": 104,
  "RefLinesPE": 12,
  "RepetitionTime": 2,
  "SAR": 0.0586222,
  "ScanOptions": "PFP_FS",
  "ScanningSequence": "EP",
  "SequenceName": "_epfid2d1_104",
  "SequenceVariant": "SK",
  "SeriesDescription": "eppp_PRISMA-SMS2_TE30_2.0mm_iso_Performance",
  "SeriesNumber": 21,
  "ShimSetting": [3537, 2537, 4173, 572, 27, -135, 60, 87],
  "SliceThickness": 2,
  "SliceTiming": [0, 0.0775, 0.1525, 0.2275, 0.305, 0.38, 0.4575, 0.5325, 0.61, 0.685, 0.7625, 0.8375, 0.915, 0.99, 1.0675, 1.1425, 1.2175, 1.295, 1.37, 1.4475, 1.5225, 1.6, 1.675, 1.7525, 1.8275, 1.905, 0, 0.0775, 0.1525, 0.2275, 0.305, 0.38, 0.4575, 0.5325, 0.61, 0.685, 0.7625, 0.8375, 0.915, 0.99, 1.0675, 1.1425, 1.2175, 1.295, 1.37, 1.4475, 1.5225, 1.6, 1.675, 1.7525, 1.8275, 1.905],
  "SoftwareVersions": "syngo_MR_E11",
  "SpacingBetweenSlices": 2.2,
  "StationName": "AWP166193",
  "TaskName": "eploc",
  "TotalReadoutTime": 0.0556208,
  "TxRefAmp": 213.564}